PATH
  remote: .
  specs:
    safe_yaml (0.5.1)

GEM
  remote: http://rubygems.org/
  specs:
    diff-lcs (1.1.3)
    heredoc_unindent (1.1.2)
    rake (10.0.3)
    rspec (2.12.0)
      rspec-core (~> 2.12.0)
      rspec-expectations (~> 2.12.0)
      rspec-mocks (~> 2.12.0)
    rspec-core (2.12.2)
    rspec-expectations (2.12.1)
      diff-lcs (~> 1.1.3)
    rspec-mocks (2.12.1)

PLATFORMS
  ruby

DEPENDENCIES
  heredoc_unindent
  rake
  rspec
  safe_yaml!
